GIT
  remote: https://github.com/libgit2/rugged.git
  revision: 6cdd5890aab7827f0b74f90ef50a305eae667ac4
  submodules: true
  specs:
    rugged (0.23.0b1)

GEM
  remote: https://rubygems.org/
  specs:
    json (1.8.1)
    rack (1.6.0)
    rack-protection (1.5.3)
      rack
    sinatra (1.4.6)
      rack (~> 1.4)
      rack-protection (~> 1.4)
      tilt (>= 1.3, < 3)
    tilt (2.0.1)

PLATFORMS
  ruby

DEPENDENCIES
  json
  rack (~> 1.4)
  rack-protection (~> 1.4)
  rugged!
  sinatra
  tilt (>= 1.3, < 3)
